GEM
  remote: https://rubygems.org/
  specs:
    rake (12.3.1)
    yard (0.9.12)
    yard-mruby (0.3.0)
      yard (~> 0.9.0)

PLATFORMS
  ruby

DEPENDENCIES
  rake
  yard-mruby

BUNDLED WITH
   1.16.1
